PATH
  remote: .
  specs:
    diff_match_patch (0.1.0)

GEM
  remote: https://rubygems.org/
  specs:
    ast (2.4.0)
    coderay (1.1.3)
    method_source (1.0.0)
    minitest (5.14.1)
    parallel (1.19.1)
    parser (2.7.1.3)
      ast (~> 2.4.0)
    pry (0.13.1)
      coderay (~> 1.1)
      method_source (~> 1.0)
    pry-doc (1.1.0)
      pry (~> 0.11)
      yard (~> 0.9.11)
    rainbow (3.0.0)
    rake (13.0.1)
    rexml (3.2.4)
    rubocop (0.83.0)
      parallel (~> 1.10)
      parser (>= 2.7.0.1)
      rainbow (>= 2.2.2, < 4.0)
      rexml
      ruby-progressbar (~> 1.7)
      unicode-display_width (>= 1.4.0, < 2.0)
    rubocop-performance (1.5.2)
      rubocop (>= 0.71.0)
    ruby-progressbar (1.10.1)
    standard (0.4.6)
      rubocop (~> 0.83.0)
      rubocop-performance (~> 1.5.2)
    unicode-display_width (1.7.0)
    yard (0.9.25)

PLATFORMS
  ruby

DEPENDENCIES
  diff_match_patch!
  minitest
  pry
  pry-doc
  rake
  standard

BUNDLED WITH
   2.1.4
