PATH
  remote: .
  specs:
    diff_match_patch (0.1.0)

GEM
  remote: https://rubygems.org/
  specs:
    coderay (1.1.3)
    method_source (1.0.0)
    minitest (5.14.1)
    pry (0.13.1)
      coderay (~> 1.1)
      method_source (~> 1.0)
    pry-doc (1.1.0)
      pry (~> 0.11)
      yard (~> 0.9.11)
    rake (13.0.1)
    yard (0.9.25)

PLATFORMS
  ruby

DEPENDENCIES
  diff_match_patch!
  minitest
  pry
  pry-doc
  rake

BUNDLED WITH
   2.1.4
